GIT
  remote: git://github.com/parasew/acts_as_tree.git
  revision: ed52495d1671c99e1add582628403bf8104e9077
  specs:
    acts_as_tree (1.2.3)

GIT
  remote: git://github.com/sandal/prawn.git
  revision: b31489409765959185de2185271a41058d4370a9
  specs:
    prawn (1.0.0.rc1)
      pdf-reader (>= 0.9.0)
      ttfunk (~> 1.0.3)

GIT
  remote: git://github.com/scottwillson/fckeditor.git
  revision: 905f4db427732e030da948726c49ef87b51e8f09
  specs:
    fckeditor (0.6.2)

GIT
  remote: git://github.com/scottwillson/ruby-ole.git
  revision: 13e20ce064fb1fe8c703832796811a85583c6f5c
  specs:
    ruby-ole (1.2.10)

GIT
  remote: git://github.com/scottwillson/spreadsheet.git
  revision: db1988571f236d4f426e8dec86200683aa35f479
  specs:
    spreadsheet (0.6.5)
      ruby-ole

GIT
  remote: git://github.com/scottwillson/vestal_versions.git
  revision: f1c873e182f3e90694ccd1fdbac35d5d758df672
  branch: rails_3_2
  specs:
    vestal_versions (1.3.0)
      activerecord (>= 3.1)
      activesupport (>= 3.1)

GIT
  remote: git://github.com/swanandp/acts_as_list.git
  revision: 7fd29b74eec9327a3d2a3033e1ca249ba04fc7e5
  specs:
    acts_as_list (0.1.4)

GIT
  remote: https://github.com/FooBarWidget/default_value_for.git
  revision: d50ac4b870b5be1c157baa670bd51f1ffcb0fa92
  specs:
    default_value_for (1.0.7)

GIT
  remote: https://github.com/rails/rails.git
  revision: 9bbe2b800ed87d803a18888b84ba5b73faba2680
  specs:
    actionmailer (4.0.0.beta)
      actionpack (= 4.0.0.beta)
      mail (~> 2.3.0)
    actionpack (4.0.0.beta)
      activemodel (= 4.0.0.beta)
      activesupport (= 4.0.0.beta)
      builder (~> 3.0.0)
      erubis (~> 2.7.0)
      journey (~> 1.0.0.rc1)
      rack (~> 1.3.5)
      rack-cache (~> 1.1)
      rack-test (~> 0.6.1)
      sprockets (~> 2.1.2)
    activemodel (4.0.0.beta)
      activesupport (= 4.0.0.beta)
      builder (~> 3.0.0)
    activerecord (4.0.0.beta)
      activemodel (= 4.0.0.beta)
      activesupport (= 4.0.0.beta)
      arel (~> 3.0.0.rc1)
      tzinfo (~> 0.3.29)
    activeresource (4.0.0.beta)
      activemodel (= 4.0.0.beta)
      activesupport (= 4.0.0.beta)
    activesupport (4.0.0.beta)
      i18n (~> 0.6)
      multi_json (~> 1.0)
    rails (4.0.0.beta)
      actionmailer (= 4.0.0.beta)
      actionpack (= 4.0.0.beta)
      activerecord (= 4.0.0.beta)
      activeresource (= 4.0.0.beta)
      activesupport (= 4.0.0.beta)
      bundler (~> 1.0)
      railties (= 4.0.0.beta)
    railties (4.0.0.beta)
      actionpack (= 4.0.0.beta)
      activesupport (= 4.0.0.beta)
      rack-ssl (~> 1.3.2)
      rake (>= 0.8.7)
      rdoc (~> 3.4)
      thor (~> 0.14.6)

GEM
  remote: http://rubygems.org/
  specs:
    Ascii85 (1.0.1)
    SyslogLogger (1.4.0)
      hoe (>= 1.2.0)
    addressable (2.2.6)
    airbrake (3.0.9)
      activesupport
      builder
    ansi (1.4.1)
    arel (3.0.0.rc1)
    authlogic (3.1.0)
      activerecord (>= 3.0.7)
      activerecord (>= 3.0.7)
    builder (3.0.0)
    capistrano (2.9.0)
      highline
      net-scp (>= 1.0.0)
      net-sftp (>= 2.0.0)
      net-ssh (>= 2.0.14)
      net-ssh-gateway (>= 1.1.0)
    capybara (1.1.2)
      mime-types (>= 1.16)
      nokogiri (>= 1.3.3)
      rack (>= 1.0.0)
      rack-test (>= 0.5.4)
      selenium-webdriver (~> 2.0)
      xpath (~> 0.1.4)
    childprocess (0.2.3)
      ffi (~> 1.0.6)
    database_cleaner (0.7.0)
    dynamic_form (1.1.4)
    erubis (2.7.0)
    factory_girl (2.3.1)
      activesupport
    factory_girl_rails (1.4.0)
      factory_girl (~> 2.3.0)
      railties (>= 3.0.0)
    fastercsv (1.5.4)
    ffi (1.0.11)
    highline (1.6.9)
    hike (1.2.1)
    hoe (2.12.5)
      rake (~> 0.8)
    i18n (0.6.0)
    in_place_editing (1.1.2)
    journey (1.0.0.rc3)
    json (1.6.3)
    kgio (2.7.0)
    launchy (2.0.5)
      addressable (~> 2.2.6)
    mail (2.3.0)
      i18n (>= 0.4.0)
      mime-types (~> 1.16)
      treetop (~> 1.4.8)
    metaclass (0.0.1)
    mime-types (1.17.2)
    mocha (0.10.0)
      metaclass (~> 0.0.1)
    multi_json (1.0.4)
    mysql2 (0.3.11)
    net-scp (1.0.4)
      net-ssh (>= 1.99.1)
    net-sftp (2.0.5)
      net-ssh (>= 2.0.9)
    net-ssh (2.2.1)
    net-ssh-gateway (1.1.0)
      net-ssh (>= 1.99.1)
    nokogiri (1.5.0)
    pdf-reader (0.10.1)
      Ascii85 (~> 1.0.0)
    polyglot (0.3.3)
    rack (1.3.5)
    rack-cache (1.1)
      rack (>= 0.4)
    rack-ssl (1.3.2)
      rack
    rack-test (0.6.1)
      rack (>= 1.0)
    raindrops (0.8.0)
    rake (0.9.2.2)
    rdoc (3.12)
      json (~> 1.4)
    rubyzip (0.9.5)
    selenium-webdriver (2.15.0)
      childprocess (>= 0.2.1)
      ffi (~> 1.0.9)
      multi_json (~> 1.0.4)
      rubyzip
    sprockets (2.1.2)
      hike (~> 1.2)
      rack (~> 1.0)
      tilt (~> 1.1, != 1.3.0)
    sqlite3 (1.3.5)
    tabular (0.0.7)
    thor (0.14.6)
    tilt (1.3.3)
    timecop (0.3.5)
    treetop (1.4.10)
      polyglot
      polyglot (>= 0.3.1)
    ttfunk (1.0.3)
    tzinfo (0.3.31)
    unicorn (4.1.1)
      kgio (~> 2.4)
      rack
      raindrops (~> 0.6)
    will_paginate (3.0.2)
    xpath (0.1.4)
      nokogiri (~> 1.3)

PLATFORMS
  ruby

DEPENDENCIES
  Ascii85
  SyslogLogger
  acts_as_list!
  acts_as_tree!
  airbrake
  ansi
  authlogic
  capistrano
  capybara
  database_cleaner
  default_value_for!
  dynamic_form
  erubis
  factory_girl
  factory_girl_rails
  fastercsv
  fckeditor!
  in_place_editing
  launchy
  mocha
  mysql2
  pdf-reader
  prawn!
  rails!
  rake
  ruby-ole!
  selenium-webdriver
  spreadsheet!
  sqlite3
  tabular (> 0.0.5)
  timecop
  unicorn
  vestal_versions!
  will_paginate (~> 3.0.beta)
