GIT
  remote: git://github.com/DanaDanger/syslog_logger.git
  revision: 8ad1c4d3167edcafb1059669916f7661a531e7c5
  specs:
    syslog_logger (1.5)

GIT
  remote: git://github.com/parasew/acts_as_tree.git
  revision: ed52495d1671c99e1add582628403bf8104e9077
  specs:
    acts_as_tree (1.2.3)

GIT
  remote: git://github.com/sandal/prawn.git
  revision: 857f13e919d1bd7120de1ea9ba0429620329865b
  specs:
    prawn (1.0.0.rc1)
      pdf-reader (>= 0.9.0)
      ttfunk (~> 1.0.3)

GIT
  remote: git://github.com/scottwillson/fckeditor.git
  revision: 905f4db427732e030da948726c49ef87b51e8f09
  specs:
    fckeditor (0.6.2)

GIT
  remote: git://github.com/scottwillson/ruby-ole.git
  revision: 13e20ce064fb1fe8c703832796811a85583c6f5c
  specs:
    ruby-ole (1.2.10)

GIT
  remote: git://github.com/scottwillson/spreadsheet.git
  revision: db1988571f236d4f426e8dec86200683aa35f479
  specs:
    spreadsheet (0.6.5)
      ruby-ole

GIT
  remote: git://github.com/scottwillson/vestal_versions.git
  revision: 2c03174b4dde49f0566d6caef646d5bfb834a01b
  branch: rails_3_2
  specs:
    vestal_versions (1.3.0)
      activerecord (>= 3.2.0)
      activesupport (>= 3.2.0)

GIT
  remote: git://github.com/swanandp/acts_as_list.git
  revision: 825dc3296c5a8f6832a2590d7645a671a70f87f9
  specs:
    acts_as_list (0.1.5)

GIT
  remote: https://github.com/FooBarWidget/default_value_for.git
  revision: d50ac4b870b5be1c157baa670bd51f1ffcb0fa92
  specs:
    default_value_for (1.0.7)

GIT
  remote: https://github.com/rails/rails.git
  revision: d1a4faf61f64e53797d13b7c2f150b94be94e916
  specs:
    actionmailer (4.0.0.beta)
      actionpack (= 4.0.0.beta)
      mail (~> 2.4.3)
    actionpack (4.0.0.beta)
      activemodel (= 4.0.0.beta)
      activesupport (= 4.0.0.beta)
      builder (~> 3.0.0)
      erubis (~> 2.7.0)
      journey (~> 1.0.1)
      rack (~> 1.4.1)
      rack-cache (~> 1.2)
      rack-test (~> 0.6.1)
      sprockets (~> 2.2.0)
    activemodel (4.0.0.beta)
      activesupport (= 4.0.0.beta)
      builder (~> 3.0.0)
    activerecord (4.0.0.beta)
      activemodel (= 4.0.0.beta)
      activesupport (= 4.0.0.beta)
      arel (~> 3.0.2)
    activeresource (4.0.0.beta)
      activemodel (= 4.0.0.beta)
      activesupport (= 4.0.0.beta)
    activesupport (4.0.0.beta)
      i18n (~> 0.6)
      multi_json (~> 1.0)
      tzinfo (~> 0.3.31)
    rails (4.0.0.beta)
      actionmailer (= 4.0.0.beta)
      actionpack (= 4.0.0.beta)
      activerecord (= 4.0.0.beta)
      activeresource (= 4.0.0.beta)
      activesupport (= 4.0.0.beta)
      bundler (~> 1.0)
      railties (= 4.0.0.beta)
    railties (4.0.0.beta)
      actionpack (= 4.0.0.beta)
      activesupport (= 4.0.0.beta)
      rack-ssl (~> 1.3.2)
      rake (>= 0.8.7)
      rdoc (~> 3.4)
      thor (~> 0.14.6)

GEM
  remote: http://rubygems.org/
  specs:
    Ascii85 (1.0.1)
    addressable (2.2.7)
    airbrake (3.0.9)
      activesupport
      builder
    ansi (1.4.2)
    arel (3.0.2)
    authlogic (3.1.0)
      activerecord (>= 3.0.7)
      activerecord (>= 3.0.7)
    builder (3.0.0)
    capistrano (2.11.2)
      highline
      net-scp (>= 1.0.0)
      net-sftp (>= 2.0.0)
      net-ssh (>= 2.0.14)
      net-ssh-gateway (>= 1.1.0)
    capistrano-unicorn (0.1.6)
      capistrano
    capybara (1.1.2)
      mime-types (>= 1.16)
      nokogiri (>= 1.3.3)
      rack (>= 1.0.0)
      rack-test (>= 0.5.4)
      selenium-webdriver (~> 2.0)
      xpath (~> 0.1.4)
    childprocess (0.3.1)
      ffi (~> 1.0.6)
    database_cleaner (0.7.1)
    dynamic_form (1.1.4)
    erubis (2.7.0)
    factory_girl (2.6.1)
      activesupport (>= 2.3.9)
    factory_girl_rails (1.7.0)
      factory_girl (~> 2.6.0)
      railties (>= 3.0.0)
    fastercsv (1.5.4)
    ffi (1.0.11)
    highline (1.6.11)
    hike (1.2.1)
    i18n (0.6.0)
    in_place_editing (1.1.2)
    journey (1.0.3)
    json (1.6.5)
    kgio (2.7.2)
    launchy (2.0.5)
      addressable (~> 2.2.6)
    mail (2.4.3)
      i18n (>= 0.4.0)
      mime-types (~> 1.16)
      treetop (~> 1.4.8)
    metaclass (0.0.1)
    mime-types (1.17.2)
    mocha (0.10.5)
      metaclass (~> 0.0.1)
    multi_json (1.1.0)
    mysql2 (0.3.11)
    net-scp (1.0.4)
      net-ssh (>= 1.99.1)
    net-sftp (2.0.5)
      net-ssh (>= 2.0.9)
    net-ssh (2.3.0)
    net-ssh-gateway (1.1.0)
      net-ssh (>= 1.99.1)
    nokogiri (1.5.0)
    pdf-reader (1.0.0)
      Ascii85 (~> 1.0.0)
      ruby-rc4
    polyglot (0.3.3)
    rack (1.4.1)
    rack-cache (1.2)
      rack (>= 0.4)
    rack-ssl (1.3.2)
      rack
    rack-test (0.6.1)
      rack (>= 1.0)
    raindrops (0.8.0)
    rake (0.9.2.2)
    rdoc (3.12)
      json (~> 1.4)
    ri_cal (0.8.8)
    ruby-rc4 (0.1.5)
    rubyzip (0.9.6.1)
    selenium-webdriver (2.20.0)
      childprocess (>= 0.2.5)
      ffi (~> 1.0)
      multi_json (~> 1.0)
      rubyzip
    sprockets (2.2.0)
      hike (~> 1.2)
      multi_json (~> 1.0)
      rack (~> 1.0)
      tilt (~> 1.1, != 1.3.0)
    sqlite3 (1.3.5)
    tabular (0.0.7)
    thor (0.14.6)
    tilt (1.3.3)
    timecop (0.3.5)
    treetop (1.4.10)
      polyglot
      polyglot (>= 0.3.1)
    truncate_html (0.5.4)
    ttfunk (1.0.3)
    tzinfo (0.3.32)
    unicorn (4.2.0)
      kgio (~> 2.6)
      rack
      raindrops (~> 0.7)
    will_paginate (3.0.3)
    xpath (0.1.4)
      nokogiri (~> 1.3)

PLATFORMS
  ruby

DEPENDENCIES
  Ascii85
  acts_as_list!
  acts_as_tree!
  airbrake
  ansi
  authlogic
  capistrano
  capistrano-unicorn
  capybara
  database_cleaner
  default_value_for!
  dynamic_form
  erubis
  factory_girl
  factory_girl_rails
  fastercsv
  fckeditor!
  in_place_editing
  launchy
  mocha
  mysql2
  pdf-reader
  prawn!
  rails!
  rake
  ri_cal
  ruby-ole!
  selenium-webdriver
  spreadsheet!
  sqlite3
  syslog_logger!
  tabular (> 0.0.5)
  timecop
  truncate_html
  unicorn
  vestal_versions!
  will_paginate (~> 3.0.beta)
