GIT
  remote: git://github.com/laserlemon/vestal_versions
  revision: 3574a0b4e98ef187931376d1e38a01e109474c71
  specs:
    vestal_versions (1.2.2)
      activerecord (>= 3.0.0)
      activesupport (>= 3.0.0)

GIT
  remote: https://github.com/yalab/turn.git
  revision: e7cc1b931c80325a058d434142aed90a99d461cc
  specs:
    turn (0.8.2.1)
      ansi (>= 1.2.2)

GEM
  remote: http://rubygems.org/
  specs:
    Ascii85 (1.0.1)
    SyslogLogger (1.4.0)
      hoe (>= 1.2.0)
    abstract (1.0.0)
    actionmailer (3.0.7)
      actionpack (= 3.0.7)
      mail (~> 2.2.15)
    actionpack (3.0.7)
      activemodel (= 3.0.7)
      activesupport (= 3.0.7)
      builder (~> 2.1.2)
      erubis (~> 2.6.6)
      i18n (~> 0.5.0)
      rack (~> 1.2.1)
      rack-mount (~> 0.6.14)
      rack-test (~> 0.5.7)
      tzinfo (~> 0.3.23)
    activemodel (3.0.7)
      activesupport (= 3.0.7)
      builder (~> 2.1.2)
      i18n (~> 0.5.0)
    activerecord (3.0.7)
      activemodel (= 3.0.7)
      activesupport (= 3.0.7)
      arel (~> 2.0.2)
      tzinfo (~> 0.3.23)
    activeresource (3.0.7)
      activemodel (= 3.0.7)
      activesupport (= 3.0.7)
    activesupport (3.0.7)
    ansi (1.2.5)
    arel (2.0.10)
    authlogic (3.0.3)
      activerecord (>= 3.0.7)
      activerecord (>= 3.0.7)
    builder (2.1.2)
    childprocess (0.1.9)
      ffi (~> 1.0.6)
    chunky_png (1.2.0)
    compass (0.11.1)
      chunky_png (~> 1.1)
      fssm (>= 0.2.7)
      sass (~> 3.1)
    erubis (2.6.6)
      abstract (>= 1.0.0)
    fastercsv (1.5.4)
    ffi (1.0.9)
    fssm (0.2.7)
    hoe (2.9.4)
      rake (>= 0.8.7)
    hoptoad_notifier (2.4.11)
      activesupport
      builder
    i18n (0.5.0)
    json_pure (1.5.1)
    kgio (2.4.1)
    mail (2.2.19)
      activesupport (>= 2.3.6)
      i18n (>= 0.4.0)
      mime-types (~> 1.16)
      treetop (~> 1.4.8)
    mime-types (1.16)
    minitest (2.2.2)
    mocha (0.9.12)
    mysql2 (0.2.7)
    newrelic_rpm (3.0.1)
    pdf-reader (0.9.2)
      Ascii85 (>= 0.9)
    polyglot (0.3.1)
    prawn (0.11.1)
      pdf-reader (>= 0.9.0)
      ttfunk (~> 1.0.0)
    prawn-core (0.8.4)
    rack (1.2.3)
    rack-mount (0.6.14)
      rack (>= 1.0.0)
    rack-test (0.5.7)
      rack (>= 1.0)
    rails (3.0.7)
      actionmailer (= 3.0.7)
      actionpack (= 3.0.7)
      activerecord (= 3.0.7)
      activeresource (= 3.0.7)
      activesupport (= 3.0.7)
      bundler (~> 1.0)
      railties (= 3.0.7)
    railties (3.0.7)
      actionpack (= 3.0.7)
      activesupport (= 3.0.7)
      rake (>= 0.8.7)
      thor (~> 0.14.4)
    rake (0.8.7)
    rb-fsevent (0.4.0)
    rubyzip (0.9.4)
    sass (3.1.2)
    selenium-webdriver (0.2.1)
      childprocess (>= 0.1.7)
      ffi (>= 1.0.7)
      json_pure
      rubyzip
    tabular (0.0.7)
    thor (0.14.6)
    timecop (0.3.5)
    treetop (1.4.9)
      polyglot (>= 0.3.1)
    ttfunk (1.0.1)
    tzinfo (0.3.27)
    unicorn (3.6.2)
      kgio (~> 2.3)
      rack
    will_paginate (3.0.pre2)

PLATFORMS
  ruby

DEPENDENCIES
  Ascii85
  SyslogLogger
  ansi
  authlogic
  compass
  fastercsv
  hoptoad_notifier
  minitest
  mocha
  mysql2 (< 0.3.0)
  newrelic_rpm
  pdf-reader
  prawn
  prawn-core
  rack (~> 1.2.1)
  rails (= 3.0.7)
  rake (~> 0.8.0)
  rb-fsevent
  selenium-webdriver
  tabular (> 0.0.5)
  timecop
  turn!
  unicorn
  vestal_versions!
  will_paginate (~> 3.0.beta)
