GIT
  remote: git://github.com/sandal/prawn.git
  revision: 701aae01bcc782ec86b772006d83fcb80cc88a7f
  specs:
    prawn (1.0.0.rc1)
      pdf-reader (>= 0.9.0)
      ttfunk (~> 1.0.3)

GIT
  remote: git@github.com:scottwillson/ruby-ole.git
  revision: fd35c279ee60601fe9ca2b089fbb25bc0b96b28e
  specs:
    ruby-ole (1.2.11.2)

GIT
  remote: git@github.com:scottwillson/vestal_versions.git
  revision: 9db48e3842b433d326376ef7b0800ebef0b97559
  specs:
    vestal_versions (1.2.3)
      activerecord (>= 3.0.0)
      activesupport (>= 3.0.0)

GEM
  remote: http://rubygems.org/
  specs:
    Ascii85 (1.0.1)
    SyslogLogger (1.4.0)
      hoe (>= 1.2.0)
    abstract (1.0.0)
    actionmailer (3.0.10)
      actionpack (= 3.0.10)
      mail (~> 2.2.19)
    actionpack (3.0.10)
      activemodel (= 3.0.10)
      activesupport (= 3.0.10)
      builder (~> 2.1.2)
      erubis (~> 2.6.6)
      i18n (~> 0.5.0)
      rack (~> 1.2.1)
      rack-mount (~> 0.6.14)
      rack-test (~> 0.5.7)
      tzinfo (~> 0.3.23)
    activemodel (3.0.10)
      activesupport (= 3.0.10)
      builder (~> 2.1.2)
      i18n (~> 0.5.0)
    activerecord (3.0.10)
      activemodel (= 3.0.10)
      activesupport (= 3.0.10)
      arel (~> 2.0.10)
      tzinfo (~> 0.3.23)
    activeresource (3.0.10)
      activemodel (= 3.0.10)
      activesupport (= 3.0.10)
    activesupport (3.0.10)
    addressable (2.2.6)
    ansi (1.4.1)
    arel (2.0.10)
    authlogic (3.1.0)
      activerecord (>= 3.0.7)
      activerecord (>= 3.0.7)
    builder (2.1.2)
    capistrano (2.9.0)
      highline
      net-scp (>= 1.0.0)
      net-sftp (>= 2.0.0)
      net-ssh (>= 2.0.14)
      net-ssh-gateway (>= 1.1.0)
    capybara (1.1.1)
      mime-types (>= 1.16)
      nokogiri (>= 1.3.3)
      rack (>= 1.0.0)
      rack-test (>= 0.5.4)
      selenium-webdriver (~> 2.0)
      xpath (~> 0.1.4)
    childprocess (0.2.2)
      ffi (~> 1.0.6)
    database_cleaner (0.7.0)
    erubis (2.6.6)
      abstract (>= 1.0.0)
    factory_girl (2.2.0)
      activesupport
    factory_girl_rails (1.3.0)
      factory_girl (~> 2.2.0)
      railties (>= 3.0.0)
    fastercsv (1.5.4)
    ffi (1.0.10)
    highline (1.6.5)
    hoe (2.12.3)
      rake (~> 0.8)
    hoptoad_notifier (2.4.11)
      activesupport
      builder
    i18n (0.5.0)
    json (1.6.1)
    json_pure (1.6.1)
    kgio (2.6.0)
    launchy (2.0.5)
      addressable (~> 2.2.6)
    mail (2.2.19)
      activesupport (>= 2.3.6)
      i18n (>= 0.4.0)
      mime-types (~> 1.16)
      treetop (~> 1.4.8)
    metaclass (0.0.1)
    mime-types (1.17.2)
    mocha (0.10.0)
      metaclass (~> 0.0.1)
    mysql2 (0.2.17)
    net-scp (1.0.4)
      net-ssh (>= 1.99.1)
    net-sftp (2.0.5)
      net-ssh (>= 2.0.9)
    net-ssh (2.2.1)
    net-ssh-gateway (1.1.0)
      net-ssh (>= 1.99.1)
    newrelic_rpm (3.3.0)
    nokogiri (1.5.0)
    pdf-reader (0.10.1)
      Ascii85 (~> 1.0.0)
    polyglot (0.3.3)
    rack (1.2.4)
    rack-mount (0.6.14)
      rack (>= 1.0.0)
    rack-test (0.5.7)
      rack (>= 1.0)
    rails (3.0.10)
      actionmailer (= 3.0.10)
      actionpack (= 3.0.10)
      activerecord (= 3.0.10)
      activeresource (= 3.0.10)
      activesupport (= 3.0.10)
      bundler (~> 1.0)
      railties (= 3.0.10)
    railties (3.0.10)
      actionpack (= 3.0.10)
      activesupport (= 3.0.10)
      rake (>= 0.8.7)
      rdoc (~> 3.4)
      thor (~> 0.14.4)
    raindrops (0.8.0)
    rake (0.9.2.2)
    rdoc (3.11)
      json (~> 1.4)
    rubyzip (0.9.4)
    selenium-webdriver (2.12.1)
      childprocess (>= 0.2.1)
      ffi (~> 1.0.9)
      json_pure
      rubyzip
    tabular (0.0.7)
    thor (0.14.6)
    timecop (0.3.5)
    treetop (1.4.10)
      polyglot
      polyglot (>= 0.3.1)
    ttfunk (1.0.3)
    tzinfo (0.3.31)
    unicorn (4.1.1)
      kgio (~> 2.4)
      rack
      raindrops (~> 0.6)
    will_paginate (3.0.2)
    xpath (0.1.4)
      nokogiri (~> 1.3)

PLATFORMS
  ruby

DEPENDENCIES
  Ascii85
  SyslogLogger
  ansi
  authlogic
  capistrano
  capybara
  database_cleaner
  erubis
  factory_girl_rails
  fastercsv
  hoptoad_notifier
  launchy
  mocha
  mysql2 (< 0.3.0)
  newrelic_rpm
  pdf-reader
  prawn!
  rack (~> 1.2.3)
  rails (~> 3.0.0)
  rake
  ruby-ole!
  selenium-webdriver
  tabular (> 0.0.5)
  timecop
  unicorn
  vestal_versions!
  will_paginate (~> 3.0.beta)
