GIT
  remote: git://github.com/DanaDanger/syslog_logger.git
  revision: 8ad1c4d3167edcafb1059669916f7661a531e7c5
  specs:
    syslog_logger (1.5)

GIT
  remote: git://github.com/sandal/prawn.git
  revision: 857f13e919d1bd7120de1ea9ba0429620329865b
  specs:
    prawn (1.0.0.rc1)
      pdf-reader (>= 0.9.0)
      ttfunk (~> 1.0.3)

GIT
  remote: git://github.com/scottwillson/ruby-ole.git
  revision: 13e20ce064fb1fe8c703832796811a85583c6f5c
  specs:
    ruby-ole (1.2.10)

GIT
  remote: git://github.com/scottwillson/spreadsheet.git
  revision: db1988571f236d4f426e8dec86200683aa35f479
  specs:
    spreadsheet (0.6.5)
      ruby-ole

GIT
  remote: git://github.com/scottwillson/vestal_versions.git
  revision: 71dea8f0a5780d8b06def52c5a39ff4b3d1ad956
  branch: no_updated_by
  specs:
    vestal_versions (1.3.0)
      activerecord (~> 3.0.0)
      activesupport (~> 3.0.0)

GEM
  remote: http://rubygems.org/
  specs:
    Ascii85 (1.0.1)
    abstract (1.0.0)
    actionmailer (3.0.12)
      actionpack (= 3.0.12)
      mail (~> 2.2.19)
    actionpack (3.0.12)
      activemodel (= 3.0.12)
      activesupport (= 3.0.12)
      builder (~> 2.1.2)
      erubis (~> 2.6.6)
      i18n (~> 0.5.0)
      rack (~> 1.2.5)
      rack-mount (~> 0.6.14)
      rack-test (~> 0.5.7)
      tzinfo (~> 0.3.23)
    activemodel (3.0.12)
      activesupport (= 3.0.12)
      builder (~> 2.1.2)
      i18n (~> 0.5.0)
    activerecord (3.0.12)
      activemodel (= 3.0.12)
      activesupport (= 3.0.12)
      arel (~> 2.0.10)
      tzinfo (~> 0.3.23)
    activeresource (3.0.12)
      activemodel (= 3.0.12)
      activesupport (= 3.0.12)
    activesupport (3.0.12)
    addressable (2.2.7)
    airbrake (3.0.9)
      activesupport
      builder
    ansi (1.4.2)
    arel (2.0.10)
    authlogic (3.1.0)
      activerecord (>= 3.0.7)
      activerecord (>= 3.0.7)
    builder (2.1.2)
    capistrano (2.11.2)
      highline
      net-scp (>= 1.0.0)
      net-sftp (>= 2.0.0)
      net-ssh (>= 2.0.14)
      net-ssh-gateway (>= 1.1.0)
    capistrano-unicorn (0.1.6)
      capistrano
    capybara (1.1.2)
      mime-types (>= 1.16)
      nokogiri (>= 1.3.3)
      rack (>= 1.0.0)
      rack-test (>= 0.5.4)
      selenium-webdriver (~> 2.0)
      xpath (~> 0.1.4)
    childprocess (0.3.1)
      ffi (~> 1.0.6)
    database_cleaner (0.7.1)
    erubis (2.6.6)
      abstract (>= 1.0.0)
    factory_girl (2.3.1)
      activesupport
    factory_girl_rails (1.4.0)
      factory_girl (~> 2.3.0)
      railties (>= 3.0.0)
    fastercsv (1.5.4)
    ffi (1.0.11)
    highline (1.6.11)
    i18n (0.5.0)
    json (1.6.5)
    kgio (2.7.2)
    launchy (2.0.5)
      addressable (~> 2.2.6)
    mail (2.2.19)
      activesupport (>= 2.3.6)
      i18n (>= 0.4.0)
      mime-types (~> 1.16)
      treetop (~> 1.4.8)
    metaclass (0.0.1)
    mime-types (1.17.2)
    mocha (0.10.5)
      metaclass (~> 0.0.1)
    multi_json (1.1.0)
    mysql2 (0.2.18)
    net-scp (1.0.4)
      net-ssh (>= 1.99.1)
    net-sftp (2.0.5)
      net-ssh (>= 2.0.9)
    net-ssh (2.3.0)
    net-ssh-gateway (1.1.0)
      net-ssh (>= 1.99.1)
    newrelic_rpm (3.3.2)
    nokogiri (1.5.0)
    pdf-reader (1.0.0)
      Ascii85 (~> 1.0.0)
      ruby-rc4
    polyglot (0.3.3)
    rack (1.2.5)
    rack-mount (0.6.14)
      rack (>= 1.0.0)
    rack-test (0.5.7)
      rack (>= 1.0)
    rails (3.0.12)
      actionmailer (= 3.0.12)
      actionpack (= 3.0.12)
      activerecord (= 3.0.12)
      activeresource (= 3.0.12)
      activesupport (= 3.0.12)
      bundler (~> 1.0)
      railties (= 3.0.12)
    railties (3.0.12)
      actionpack (= 3.0.12)
      activesupport (= 3.0.12)
      rake (>= 0.8.7)
      rdoc (~> 3.4)
      thor (~> 0.14.4)
    raindrops (0.8.0)
    rake (0.9.2.2)
    rdoc (3.12)
      json (~> 1.4)
    ri_cal (0.8.8)
    ruby-rc4 (0.1.5)
    rubyzip (0.9.6.1)
    selenium-webdriver (2.20.0)
      childprocess (>= 0.2.5)
      ffi (~> 1.0)
      multi_json (~> 1.0)
      rubyzip
    sqlite3 (1.3.5)
    tabular (0.0.7)
    thor (0.14.6)
    timecop (0.3.5)
    treetop (1.4.10)
      polyglot
      polyglot (>= 0.3.1)
    truncate_html (0.5.4)
    ttfunk (1.0.3)
    tzinfo (0.3.32)
    unicorn (4.2.0)
      kgio (~> 2.6)
      rack
      raindrops (~> 0.7)
    will_paginate (3.0.3)
    xpath (0.1.4)
      nokogiri (~> 1.3)

PLATFORMS
  ruby

DEPENDENCIES
  Ascii85
  airbrake
  ansi
  authlogic
  capistrano
  capistrano-unicorn
  capybara
  database_cleaner
  erubis
  factory_girl (= 2.3.1)
  factory_girl_rails
  fastercsv
  launchy
  mocha
  mysql2 (< 0.3.0)
  newrelic_rpm
  pdf-reader
  prawn!
  rack (~> 1.2.3)
  rails (~> 3.0.0)
  rake
  ri_cal
  ruby-ole!
  selenium-webdriver
  spreadsheet!
  sqlite3
  syslog_logger!
  tabular (> 0.0.5)
  timecop
  truncate_html
  unicorn
  vestal_versions!
  will_paginate (~> 3.0.beta)
